GEM
  remote: https://rubygems.org/
  specs:
    ffi (1.1.5)
    ffi-rzmq (0.9.3)
      ffi
    json (1.7.5)
    redis (3.0.1)

PLATFORMS
  ruby

DEPENDENCIES
  ffi-rzmq
  json
  redis
